GIT
  remote: https://github.com/meew0/discordrb.git
  revision: 09cbc797faa8c51c73da4b9e679e774465d5a22e
  ref: 09cbc79
  specs:
    discordrb (3.2.1)
      discordrb-webhooks (~> 3.2.0.1)
      opus-ruby
      rbnacl (~> 3.4.0)
      rest-client
      websocket-client-simple (>= 0.3.0)
    discordrb-webhooks (3.2.0.1)
      rest-client

GEM
  remote: https://rubygems.org/
  specs:
    coderay (1.1.2)
    domain_name (0.5.20180417)
      unf (>= 0.0.5, < 1.0.0)
    dotenv (2.4.0)
    ethon (0.11.0)
      ffi (>= 1.3.0)
    event_emitter (0.2.6)
    ffi (1.9.23)
    gorgerb (0.1.0)
      typhoeus (~> 1.3)
    hive-stalker (0.1.5)
      typhoeus
    http-cookie (1.0.3)
      domain_name (~> 0.5)
    method_source (0.9.0)
    mime-types (3.1)
      mime-types-data (~> 3.2015)
    mime-types-data (3.2016.0521)
    multi_json (1.13.1)
    multi_xml (0.6.0)
    netrc (0.11.0)
    opus-ruby (1.0.1)
      ffi
    prometheus-client (0.7.1)
      quantile (~> 0.2.0)
    pry (0.11.3)
      coderay (~> 1.1.0)
      method_source (~> 0.9.0)
    quantile (0.2.1)
    rack (2.0.5)
    rbnacl (3.4.0)
      ffi
    rest-client (2.0.2)
      http-cookie (>= 1.0.2, < 2.0)
      mime-types (>= 1.16, < 4.0)
      netrc (~> 0.8)
    silverball (0.1.2)
    steam-condenser (1.3.11)
      multi_json (~> 1.6)
      multi_xml (~> 0.5)
    steam-id2 (0.4.4)
      steam-condenser (~> 1.3)
    typhoeus (1.3.0)
      ethon (>= 0.9.0)
    unf (0.1.4)
      unf_ext
    unf_ext (0.0.7.5)
    websocket (1.2.5)
    websocket-client-simple (0.3.0)
      event_emitter
      websocket

PLATFORMS
  ruby

DEPENDENCIES
  discordrb!
  dotenv
  gorgerb (~> 0.1.0)
  hive-stalker (~> 0.1.0)
  prometheus-client (~> 0.7.1)
  pry
  rack
  silverball (~> 0.1.0)
  steam-id2 (~> 0.4.0)

BUNDLED WITH
   1.16.1
